GEM
  remote: http://rubygems.org/
  specs:
    fpm (0.3.11)
      json
    json (1.6.5)
    mixlib-cli (1.2.0)
    mixlib-config (1.1.2)
    mixlib-log (1.3.0)
    mixlib-shellout (1.0.0.rc.1)
    ohai (0.6.12.rc.1)
      mixlib-cli
      mixlib-config
      mixlib-log
      systemu
      yajl-ruby
    rake (0.9.2.2)
    systemu (2.2.0)
    yajl-ruby (0.8.2)

PLATFORMS
  ruby

DEPENDENCIES
  fpm
  mixlib-shellout
  ohai
  rake (>= 0.9)
