GEM
  remote: http://rubygems.org/
  specs:
    mixlib-shellout (1.0.0.rc.1)
    rake (0.9.2.2)

PLATFORMS
  ruby

DEPENDENCIES
  mixlib-shellout
  rake (>= 0.9)
