PATH
  remote: .
  specs:
    omnibus (0.1)
      fpm (= 0.3.11)
      mixlib-shellout (~> 1.0)
      ohai (>= 0.6.12)
      rake (>= 0.9)
      uber-s3

GEM
  remote: http://rubygems.org/
  specs:
    diff-lcs (1.1.3)
    fpm (0.3.11)
      json
    ipaddress (0.8.0)
    json (1.7.4)
    mime-types (1.19)
    mixlib-cli (1.2.2)
    mixlib-config (1.1.2)
    mixlib-log (1.4.1)
    mixlib-shellout (1.1.0)
    ohai (6.14.0)
      ipaddress
      mixlib-cli
      mixlib-config
      mixlib-log
      systemu
      yajl-ruby
    rake (0.9.2.2)
    rspec (2.11.0)
      rspec-core (~> 2.11.0)
      rspec-expectations (~> 2.11.0)
      rspec-mocks (~> 2.11.0)
    rspec-core (2.11.1)
    rspec-expectations (2.11.2)
      diff-lcs (~> 1.1.3)
    rspec-mocks (2.11.1)
    systemu (2.5.2)
    uber-s3 (0.2.4)
      mime-types (~> 1.17)
    yajl-ruby (1.1.0)

PLATFORMS
  ruby

DEPENDENCIES
  omnibus!
  rspec
